GEM
  remote: https://rubygems.org/
  specs:
    bindata (2.0.0)

PLATFORMS
  ruby

DEPENDENCIES
  bindata (~> 2.0.0)
